GEM
  remote: https://rubygems.org/
  specs:
    concurrent-ruby (1.1.5)
    daemons (1.3.1)
    eventmachine (1.2.7)
    faraday (0.15.4)
      multipart-post (>= 1.2, < 3)
    multipart-post (2.1.0)
    mustermann (1.0.3)
    rack (2.0.7)
    rack-protection (2.0.5)
      rack
    sinatra (2.0.5)
      mustermann (~> 1.0)
      rack (~> 2.0)
      rack-protection (= 2.0.5)
      tilt (~> 2.0)
    sucker_punch (2.1.1)
      concurrent-ruby (~> 1.0)
    thin (1.7.2)
      daemons (~> 1.0, >= 1.0.9)
      eventmachine (~> 1.0, >= 1.0.4)
      rack (>= 1, < 3)
    tilt (2.0.9)
    zipkin-tracer (0.36.2)
      faraday (~> 0.8)
      rack (>= 1.0)
      sucker_punch (~> 2.0)

PLATFORMS
  ruby

DEPENDENCIES
  sinatra
  thin
  zipkin-tracer

BUNDLED WITH
   1.17.2

