GEM
  remote: https://rubygems.org/
  specs:
    jaeger-client (0.10.0)
      opentracing (~> 0.3)
      thrift
    opentracing (0.5.0)
    thrift (0.11.0.0)

PLATFORMS
  ruby

DEPENDENCIES
  jaeger-client

BUNDLED WITH
   1.17.2

